GIT
  remote: git://github.com/ctran/annotate_models.git
  revision: c87fa77699754ae38586802b49292c77940ad5b9
  specs:
    annotate (2.4.0)
      rake

GEM
  remote: http://rubygems.org/
  specs:
    abstract (1.0.0)
    actionmailer (3.0.10)
      actionpack (= 3.0.10)
      mail (~> 2.2.19)
    actionpack (3.0.10)
      activemodel (= 3.0.10)
      activesupport (= 3.0.10)
      builder (~> 2.1.2)
      erubis (~> 2.6.6)
      i18n (~> 0.5.0)
      rack (~> 1.2.1)
      rack-mount (~> 0.6.14)
      rack-test (~> 0.5.7)
      tzinfo (~> 0.3.23)
    activemodel (3.0.10)
      activesupport (= 3.0.10)
      builder (~> 2.1.2)
      i18n (~> 0.5.0)
    activerecord (3.0.10)
      activemodel (= 3.0.10)
      activesupport (= 3.0.10)
      arel (~> 2.0.10)
      tzinfo (~> 0.3.23)
    activeresource (3.0.10)
      activemodel (= 3.0.10)
      activesupport (= 3.0.10)
    activesupport (3.0.10)
    annotate-models (1.0.4)
    arel (2.0.10)
    bcrypt-ruby (2.1.4)
    builder (2.1.2)
    cancan (1.6.5)
    devise (1.4.2)
      bcrypt-ruby (~> 2.1.2)
      orm_adapter (~> 0.0.3)
      warden (~> 1.0.3)
    erubis (2.6.6)
      abstract (>= 1.0.0)
    formtastic (1.2.4)
      actionpack (>= 2.3.7)
      activesupport (>= 2.3.7)
      i18n (~> 0.4)
    i18n (0.5.0)
    mail (2.2.19)
      activesupport (>= 2.3.6)
      i18n (>= 0.4.0)
      mime-types (~> 1.16)
      treetop (~> 1.4.8)
    mime-types (1.16)
    orm_adapter (0.0.5)
    pdfkit (0.5.2)
    polyglot (0.3.2)
    rack (1.2.3)
    rack-mount (0.6.14)
      rack (>= 1.0.0)
    rack-test (0.5.7)
      rack (>= 1.0)
    railroady (1.0.2)
    rails (3.0.10)
      actionmailer (= 3.0.10)
      actionpack (= 3.0.10)
      activerecord (= 3.0.10)
      activeresource (= 3.0.10)
      activesupport (= 3.0.10)
      bundler (~> 1.0)
      railties (= 3.0.10)
    rails-erd (0.4.5)
      activerecord (~> 3.0)
      activesupport (~> 3.0)
      ruby-graphviz (~> 0.9.18)
    railties (3.0.10)
      actionpack (= 3.0.10)
      activesupport (= 3.0.10)
      rake (>= 0.8.7)
      rdoc (~> 3.4)
      thor (~> 0.14.4)
    rake (0.9.2)
    rdoc (3.9.2)
    ruby-graphviz (0.9.21)
    ruby-ole (1.2.11.1)
    spreadsheet (0.6.5.7)
      ruby-ole (>= 1.0)
    sqlite3 (1.3.4)
    sqlite3-ruby (1.3.3)
      sqlite3 (>= 1.3.3)
    tabletastic (0.2.3)
      activesupport (~> 3.0)
    thor (0.14.6)
    to_xls (1.0.0)
      spreadsheet (> 0)
      spreadsheet
    treetop (1.4.10)
      polyglot
      polyglot (>= 0.3.1)
    tzinfo (0.3.29)
    validation_reflection (1.0.0)
    warden (1.0.5)
      rack (>= 1.0)
    web-app-theme (0.7.0)

PLATFORMS
  ruby

DEPENDENCIES
  annotate!
  annotate-models
  cancan
  devise
  formtastic (>= 1.2.3)
  pdfkit
  railroady
  rails (= 3.0.10)
  rails-erd
  sqlite3-ruby
  tabletastic
  to_xls
  validation_reflection
  web-app-theme (>= 0.7.0)
